PATH
  remote: .
  specs:
    clouds (0.1.8)
      aws-sdk (~> 1.38.0)
      gli (~> 2.9.0)
      inifile (~> 2.0.2)

GEM
  remote: https://rubygems.org/
  specs:
    aruba (0.5.4)
      childprocess (>= 0.3.6)
      cucumber (>= 1.1.1)
      rspec-expectations (>= 2.7.0)
    aws-sdk (1.38.0)
      json (~> 1.4)
      nokogiri (>= 1.4.4)
      uuidtools (~> 2.1)
    builder (3.2.2)
    childprocess (0.5.9)
      ffi (~> 1.0, >= 1.0.11)
    cucumber (2.3.3)
      builder (>= 2.1.2)
      cucumber-core (~> 1.4.0)
      cucumber-wire (~> 0.0.1)
      diff-lcs (>= 1.1.3)
      gherkin (~> 3.2.0)
      multi_json (>= 1.7.5, < 2.0)
      multi_test (>= 0.1.2)
    cucumber-core (1.4.0)
      gherkin (~> 3.2.0)
    cucumber-wire (0.0.1)
    diff-lcs (1.2.5)
    ffi (1.9.10)
    gherkin (3.2.0)
    gli (2.9.0)
    inifile (2.0.2)
    json (1.8.3)
    multi_json (1.12.0)
    multi_test (0.1.2)
    nokogiri (1.6.7.2)
    rake (10.2.2)
    rdoc (4.1.2)
      json (~> 1.4)
    rspec-expectations (3.4.0)
      diff-lcs (>= 1.2.0, < 2.0)
      rspec-support (~> 3.4.0)
    rspec-support (3.4.1)
    uuidtools (2.1.5)

PLATFORMS
  ruby

DEPENDENCIES
  aruba (~> 0.5.4)
  bundler
  clouds!
  nokogiri (~> 1.6.1)
  rake (~> 10.2.2)
  rdoc (~> 4.1.1)

BUNDLED WITH
   1.12.3
