PATH
  remote: .
  specs:
    clouds (0.1.9)
      aws-sdk-v1
      gli
      inifile

GEM
  remote: https://rubygems.org/
  specs:
    aruba (0.14.1)
      childprocess (~> 0.5.6)
      contracts (~> 0.9)
      cucumber (>= 1.3.19)
      ffi (~> 1.9.10)
      rspec-expectations (>= 2.99)
      thor (~> 0.19)
    aws-sdk-v1 (1.66.0)
      json (~> 1.4)
      nokogiri (>= 1.4.4)
    builder (3.2.2)
    childprocess (0.5.9)
      ffi (~> 1.0, >= 1.0.11)
    contracts (0.14.0)
    cucumber (2.3.3)
      builder (>= 2.1.2)
      cucumber-core (~> 1.4.0)
      cucumber-wire (~> 0.0.1)
      diff-lcs (>= 1.1.3)
      gherkin (~> 3.2.0)
      multi_json (>= 1.7.5, < 2.0)
      multi_test (>= 0.1.2)
    cucumber-core (1.4.0)
      gherkin (~> 3.2.0)
    cucumber-wire (0.0.1)
    diff-lcs (1.2.5)
    ffi (1.9.10)
    gherkin (3.2.0)
    gli (2.13.4)
    inifile (3.0.0)
    json (1.8.3)
    multi_json (1.12.0)
    multi_test (0.1.2)
    nokogiri (1.6.7.2)
    rake (11.1.2)
    rdoc (4.2.2)
      json (~> 1.4)
    rspec-expectations (3.4.0)
      diff-lcs (>= 1.2.0, < 2.0)
      rspec-support (~> 3.4.0)
    rspec-support (3.4.1)
    thor (0.19.1)

PLATFORMS
  ruby

DEPENDENCIES
  aruba
  bundler
  clouds!
  nokogiri
  rake
  rdoc

BUNDLED WITH
   1.12.3
